GEM
  remote: https://rubygems.org/
  specs:
    aws-eventstream (1.0.3)
    aws-partitions (1.221.0)
    aws-sdk-core (3.68.1)
      aws-eventstream (~> 1.0, >= 1.0.2)
      aws-partitions (~> 1.0)
      aws-sigv4 (~> 1.1)
      jmespath (~> 1.0)
    aws-sdk-sns (1.19.0)
      aws-sdk-core (~> 3, >= 3.61.1)
      aws-sigv4 (~> 1.1)
    aws-sdk-sqs (1.22.0)
      aws-sdk-core (~> 3, >= 3.61.1)
      aws-sigv4 (~> 1.1)
    aws-sigv4 (1.1.0)
      aws-eventstream (~> 1.0, >= 1.0.2)
    jmespath (1.4.0)
    mandate (0.3.0)
    metaclass (0.0.4)
    minitest (5.0.8)
    mocha (1.9.0)
      metaclass (~> 0.0.1)
    mysql2 (0.5.2)
    propono (2.2.0)
      aws-sdk-sns
      aws-sdk-sqs
    rake (13.0.0)
    timecop (0.9.1)

PLATFORMS
  ruby

DEPENDENCIES
  bundler
  mandate
  minitest (~> 5.0.8)
  mocha
  mysql2
  propono
  rake
  timecop

BUNDLED WITH
   2.0.2
